GIT
  remote: https://github.com/v-yarotsky/shellissimo.git
  revision: 1e770ff272e6441af0fb6749d122c2449b4b94ae
  branch: master
  specs:
    shellissimo (0.1.0)
      json

GEM
  remote: https://rubygems.org/
  specs:
    coffee-script (2.2.0)
      coffee-script-source
      execjs
    coffee-script-source (1.6.2)
    execjs (1.4.0)
      multi_json (~> 1.0)
    json (1.7.7)
    multi_json (1.7.3)
    posix-spawn (0.3.6)
    pygments.rb (0.5.0)
      posix-spawn (~> 0.3.6)
      yajl-ruby (~> 1.1.0)
    rack (1.5.2)
    rack-protection (1.5.0)
      rack
    rake (10.0.4)
    redcarpet (2.2.2)
    sass (3.2.9)
    sequel (3.47.0)
    shotgun (0.9)
      rack (>= 1.0)
    sinatra (1.4.2)
      rack (~> 1.5, >= 1.5.2)
      rack-protection (~> 1.4)
      tilt (~> 1.3, >= 1.3.4)
    slim (1.3.8)
      temple (~> 0.6.3)
      tilt (~> 1.3.3)
    sqlite3 (1.3.7)
    temple (0.6.4)
    tilt (1.3.7)
    yajl-ruby (1.1.0)

PLATFORMS
  ruby

DEPENDENCIES
  coffee-script (~> 2.2.0)
  pygments.rb (~> 0.5.0)
  rake (~> 10.0.4)
  redcarpet (~> 2.2.2)
  sass (~> 3.2.9)
  sequel (~> 3.47.0)
  shellissimo!
  shotgun (~> 0.9)
  sinatra (~> 1.4.2)
  slim (~> 1.3.8)
  sqlite3 (~> 1.3.7)
