GIT
  remote: https://github.com/v-yarotsky/shellissimo.git
  revision: 1e770ff272e6441af0fb6749d122c2449b4b94ae
  branch: master
  specs:
    shellissimo (0.1.0)
      json

GEM
  remote: https://rubygems.org/
  specs:
    capybara (2.1.0)
      mime-types (>= 1.16)
      nokogiri (>= 1.3.3)
      rack (>= 1.0.0)
      rack-test (>= 0.5.4)
      xpath (~> 2.0)
    capybara_minitest_spec (1.0.0)
      capybara (>= 2)
      minitest (>= 2)
    coderay (1.0.9)
    coffee-script (2.2.0)
      coffee-script-source
      execjs
    coffee-script-source (1.6.2)
    colorize (0.5.8)
    coveralls (0.6.7)
      colorize
      multi_json (~> 1.3)
      rest-client
      simplecov (>= 0.7)
      thor
    execjs (1.4.0)
      multi_json (~> 1.0)
    json (1.7.7)
    libv8 (3.11.8.17)
    method_source (0.8.1)
    mime-types (1.23)
    minitest (5.0.1)
    multi_json (1.7.3)
    nokogiri (1.5.9)
    posix-spawn (0.3.6)
    pry (0.9.12)
      coderay (~> 1.0.5)
      method_source (~> 0.8)
      slop (~> 3.4)
    pygments.rb (0.5.0)
      posix-spawn (~> 0.3.6)
      yajl-ruby (~> 1.1.0)
    rack (1.5.2)
    rack-protection (1.5.0)
      rack
    rack-test (0.6.2)
      rack (>= 1.0)
    rake (10.0.4)
    redcarpet (2.2.2)
    ref (1.0.4)
    rest-client (1.6.7)
      mime-types (>= 1.16)
    sass (3.2.9)
    sequel (3.47.0)
    shotgun (0.9)
      rack (>= 1.0)
    simplecov (0.7.1)
      multi_json (~> 1.0)
      simplecov-html (~> 0.7.1)
    simplecov-html (0.7.1)
    sinatra (1.4.2)
      rack (~> 1.5, >= 1.5.2)
      rack-protection (~> 1.4)
      tilt (~> 1.3, >= 1.3.4)
    slim (1.3.8)
      temple (~> 0.6.3)
      tilt (~> 1.3.3)
    slop (3.4.4)
    sqlite3 (1.3.7)
    temple (0.6.4)
    therubyracer (0.11.4)
      libv8 (~> 3.11.8.12)
      ref
    thor (0.18.1)
    tilt (1.3.7)
    xpath (2.0.0)
      nokogiri (~> 1.3)
    yajl-ruby (1.1.0)

PLATFORMS
  ruby

DEPENDENCIES
  capybara (~> 2.1.0)
  capybara_minitest_spec (~> 1.0.0)
  coffee-script (~> 2.2.0)
  coveralls (~> 0.6.7)
  minitest (~> 5.0.1)
  pry (~> 0.9.12)
  pygments.rb (~> 0.5.0)
  rake (~> 10.0.4)
  redcarpet (~> 2.2.2)
  rest-client (~> 1.6.7)
  sass (~> 3.2.9)
  sequel (~> 3.47.0)
  shellissimo!
  shotgun (~> 0.9)
  simplecov (~> 0.7.1)
  sinatra (~> 1.4.2)
  slim (~> 1.3.8)
  sqlite3 (~> 1.3.7)
  therubyracer (~> 0.11.4)
